GEM
  remote: http://rubygems.org/
  specs:
    atk (1.1.0)
      glib2 (>= 1.1.0)
    cairo (1.10.2)
      pkg-config
    diff-lcs (1.1.3)
    gdk_pixbuf2 (1.1.0)
      glib2 (>= 1.1.0)
    git (1.2.5)
    glib2 (1.1.0)
      pkg-config
    gtk2 (1.1.0)
      atk (>= 1.1.0)
      gdk_pixbuf2 (>= 1.1.0)
      pango (>= 1.1.0)
    jeweler (1.6.4)
      bundler (~> 1.0)
      git (>= 1.2.5)
      rake
    json (1.6.5)
    pango (1.1.0)
      cairo (>= 1.10.0)
      glib2 (>= 1.1.0)
    pkg-config (1.1.2)
    rake (0.9.2.2)
    rcov (0.9.11)
    rdoc (3.12)
      json (~> 1.4)
    rspec (2.3.0)
      rspec-core (~> 2.3.0)
      rspec-expectations (~> 2.3.0)
      rspec-mocks (~> 2.3.0)
    rspec-core (2.3.1)
    rspec-expectations (2.3.0)
      diff-lcs (~> 1.1.2)
    rspec-mocks (2.3.0)
    sqlite3 (1.3.5)

PLATFORMS
  ruby

DEPENDENCIES
  bundler (~> 1.0.0)
  gtk2 (> 0)
  jeweler (~> 1.6.4)
  rcov
  rdoc (>= 2.4.2)
  rspec (~> 2.3.0)
  sqlite3 (>= 1.2.3)
