GEM
  remote: http://rubygems.org/
  specs:
    atk (1.1.2)
      glib2 (>= 1.1.2)
    cairo (1.10.2)
      pkg-config
    diff-lcs (1.1.3)
    gdk_pixbuf2 (1.1.2)
      glib2 (>= 1.1.2)
    git (1.2.5)
    glib2 (1.1.2)
      pkg-config
    gtk2 (1.1.2)
      atk (>= 1.1.2)
      gdk_pixbuf2 (>= 1.1.2)
      pango (>= 1.1.2)
    jeweler (1.8.3)
      bundler (~> 1.0)
      git (>= 1.2.5)
      rake
      rdoc
    json (1.6.5)
    pango (1.1.2)
      cairo (>= 1.10.0)
      glib2 (>= 1.1.2)
    pkg-config (1.1.3)
    rake (0.9.2.2)
    rcov (1.0.0)
    rdoc (3.12)
      json (~> 1.4)
    rspec (2.8.0)
      rspec-core (~> 2.8.0)
      rspec-expectations (~> 2.8.0)
      rspec-mocks (~> 2.8.0)
    rspec-core (2.8.0)
    rspec-expectations (2.8.0)
      diff-lcs (~> 1.1.2)
    rspec-mocks (2.8.0)
    sqlite3 (1.3.5)

PLATFORMS
  ruby

DEPENDENCIES
  bundler (~> 1.0)
  gtk2 (~> 1.1.2)
  jeweler (~> 1.8.3)
  rcov (~> 1.0.0)
  rdoc (~> 3.12)
  rspec (~> 2.8.0)
  sqlite3 (~> 1.3.5)
