GEM
  remote: http://rubygems.org/
  specs:
    addressable (2.3.6)
    atk (2.2.0)
      glib2 (= 2.2.0)
    builder (3.2.2)
    byebug (3.2.0)
      columnize (~> 0.8)
      debugger-linecache (~> 1.2)
    cairo (1.12.9)
      pkg-config (>= 1.1.5)
    columnize (0.8.9)
    debugger (1.6.8)
      columnize (>= 0.3.1)
      debugger-linecache (~> 1.2.0)
      debugger-ruby_core_source (~> 1.3.5)
    debugger-linecache (1.2.0)
    debugger-ruby_core_source (1.3.5)
    descendants_tracker (0.0.4)
      thread_safe (~> 0.3, >= 0.3.1)
    diff-lcs (1.2.5)
    docile (1.1.5)
    faraday (0.9.0)
      multipart-post (>= 1.2, < 3)
    gdk_pixbuf2 (2.2.0)
      glib2 (= 2.2.0)
    git (1.2.8)
    github_api (0.12.0)
      addressable (~> 2.3)
      descendants_tracker (~> 0.0.4)
      faraday (~> 0.8, < 0.10)
      hashie (>= 3.2)
      multi_json (>= 1.7.5, < 2.0)
      nokogiri (~> 1.6.3)
      oauth2
    glib2 (2.2.0)
      pkg-config
    gtk2 (2.2.0)
      atk (= 2.2.0)
      gdk_pixbuf2 (= 2.2.0)
      pango (= 2.2.0)
    hashie (3.2.0)
    highline (1.6.21)
    jeweler (2.0.1)
      builder
      bundler (>= 1.0)
      git (>= 1.2.5)
      github_api
      highline (>= 1.6.15)
      nokogiri (>= 1.5.10)
      rake
      rdoc
    json (1.8.1)
    jwt (1.0.0)
    mini_portile (0.6.0)
    multi_json (1.10.1)
    multi_xml (0.5.5)
    multipart-post (2.0.0)
    nokogiri (1.6.3.1)
      mini_portile (= 0.6.0)
    oauth2 (1.0.0)
      faraday (>= 0.8, < 0.10)
      jwt (~> 1.0)
      multi_json (~> 1.3)
      multi_xml (~> 0.5)
      rack (~> 1.2)
    pango (2.2.0)
      cairo (>= 1.12.5)
      glib2 (= 2.2.0)
    pkg-config (1.1.5)
    rack (1.5.2)
    rake (10.3.2)
    rdoc (4.1.1)
      json (~> 1.4)
    rspec (2.99.0)
      rspec-core (~> 2.99.0)
      rspec-expectations (~> 2.99.0)
      rspec-mocks (~> 2.99.0)
    rspec-collection_matchers (0.0.4)
      rspec-expectations (>= 2.99.0.beta1)
    rspec-core (2.99.1)
    rspec-expectations (2.99.2)
      diff-lcs (>= 1.1.3, < 2.0)
    rspec-mocks (2.99.2)
    simplecov (0.9.0)
      docile (~> 1.1.0)
      multi_json
      simplecov-html (~> 0.8.0)
    simplecov-html (0.8.0)
    sqlite3 (1.3.9)
    thread_safe (0.3.4)

PLATFORMS
  ruby

DEPENDENCIES
  bundler (~> 1.6)
  byebug
  debugger
  gtk2 (~> 2.2)
  jeweler (~> 2.0)
  rdoc (~> 4.1)
  rspec (~> 2.14)
  rspec-collection_matchers (~> 0.0)
  simplecov
  sqlite3 (~> 1.3)
